PATH
  remote: .
  specs:
    moz_nav (0.4.9)
      mustache (~> 0.12.0)

GEM
  remote: http://rubygems.org/
  specs:
    activesupport (3.0.3)
    archive-tar-minitar (0.5.2)
    capybara (0.4.0)
      celerity (>= 0.7.9)
      culerity (>= 0.2.4)
      mime-types (>= 1.16)
      nokogiri (>= 1.3.3)
      rack (>= 1.0.0)
      rack-test (>= 0.5.4)
      selenium-webdriver (>= 0.0.27)
      xpath (~> 0.1.2)
    celerity (0.8.6)
    childprocess (0.1.6)
      ffi (~> 0.6.3)
    chunky_png (0.12.0)
    columnize (0.3.2)
    compass (0.11.beta.2)
      chunky_png (~> 0.12.0)
      sass (>= 3.1.0.alpha.218)
    concurrent-ruby (1.1.5)
    configuration (1.2.0)
    culerity (0.2.14)
    daemons (1.1.0)
    diff-lcs (1.1.2)
    eventmachine (0.12.10)
    ffi (0.6.3)
      rake (>= 0.8.7)
    fuubar (0.0.3)
      rspec (~> 2.0)
      rspec-instafail (~> 0.1.4)
      ruby-progressbar (~> 0.0.9)
    github (0.6.0)
      highline (~> 1.5.1)
      json (~> 1.4.6)
      launchy (~> 0.3.7)
      text-format (= 1.0.0)
    highline (1.5.2)
    i18n (1.7.0)
      concurrent-ruby (~> 1.0)
    infinity_test (1.0.2)
      notifiers (>= 1.1.0)
      watchr (>= 0.7)
    json (1.4.6)
    json_pure (1.4.6)
    launchy (0.3.7)
      configuration (>= 0.0.5)
      rake (>= 0.8.1)
    linecache (0.43)
    linecache19 (0.5.11)
      ruby_core_source (>= 0.1.4)
    mail (2.2.15)
      activesupport (>= 2.3.6)
      i18n (>= 0.4.0)
      mime-types (~> 1.16)
      treetop (~> 1.4.8)
    markup_validity (1.1.0)
      nokogiri (>= 1.3.1)
    mime-types (1.16)
    mustache (0.12.0)
    nokogiri (1.4.4)
    notifiers (1.1.0)
    oily_png (0.3.0)
      chunky_png (~> 0.12)
    polyglot (0.3.1)
    postmark (0.9.5)
      tmail
    rack (1.2.1)
    rack-test (0.5.7)
      rack (>= 1.0)
    rake (0.8.7)
    rb-appscript (0.6.0)
    rspec (2.4.0)
      rspec-core (~> 2.4.0)
      rspec-expectations (~> 2.4.0)
      rspec-mocks (~> 2.4.0)
    rspec-core (2.4.0)
    rspec-expectations (2.4.0)
      diff-lcs (~> 1.1.2)
    rspec-instafail (0.1.5)
    rspec-mocks (2.4.0)
    ruby-debug (0.10.4)
      columnize (>= 0.1)
      ruby-debug-base (~> 0.10.4.0)
    ruby-debug-base (0.10.4)
      linecache (>= 0.3)
    ruby-debug-base19 (0.11.24)
      columnize (>= 0.3.1)
      linecache19 (>= 0.5.11)
      ruby_core_source (>= 0.1.4)
    ruby-debug19 (0.11.6)
      columnize (>= 0.3.1)
      linecache19 (>= 0.5.11)
      ruby-debug-base19 (>= 0.11.19)
    ruby-progressbar (0.0.9)
    ruby_core_source (0.1.4)
      archive-tar-minitar (>= 0.5.2)
    rubyzip (0.9.4)
    sass (3.1.0.alpha.221)
    selenium-webdriver (0.1.2)
      childprocess (~> 0.1.5)
      ffi (~> 0.6.3)
      json_pure
      rubyzip
    shotgun (0.8)
      rack (>= 1.0)
    sinatra (1.1.2)
      rack (~> 1.1)
      tilt (~> 1.2)
    terminitor (0.4.1)
      github (~> 0.6.0)
      rb-appscript
      text-format (= 1.0.0)
      text-hyphen (= 1.0.0)
      thor (~> 0.14.0)
    text-format (1.0.0)
      text-hyphen (~> 1.0.0)
    text-hyphen (1.0.0)
    thin (1.2.8)
      daemons (>= 1.0.9)
      eventmachine (>= 0.12.6)
      rack (>= 1.0.0)
    thor (0.14.6)
    tilt (1.2.1)
    tmail (1.2.7.1)
    treetop (1.4.9)
      polyglot (>= 0.3.1)
    watchr (0.7)
    xpath (0.1.2)
      nokogiri (~> 1.3)

PLATFORMS
  ruby

DEPENDENCIES
  activesupport (~> 3.0.3)
  capybara
  compass (~> 0.11.beta.2)
  fuubar
  highline
  infinity_test
  launchy
  mail
  markup_validity
  moz_nav!
  mustache (~> 0.12.0)
  oily_png
  postmark
  rspec
  ruby-debug
  ruby-debug19
  shotgun
  sinatra
  terminitor
  thin
